GEM
  remote: https://rubygems.org/
  specs:
    puma (1.6.3)
      rack (~> 1.2)
    puma (1.6.3-java)
      rack (~> 1.2)
    rack (1.5.2)
    rack-contrib (1.1.0)
      rack (>= 0.9.1)
    rack-rewrite (1.3.3)

PLATFORMS
  java
  ruby

DEPENDENCIES
  puma
  rack-contrib
  rack-rewrite
